PATH
  remote: .
  specs:
    Filigree (0.1.0)

GEM
  remote: https://rubygems.org/
  specs:
    coderay (1.1.0)
    colored (1.2)
    docile (1.1.1)
    flay (2.4.0)
      ruby_parser (~> 3.0)
      sexp_processor (~> 4.0)
    flog (4.2.0)
      ruby_parser (~> 3.1, > 3.1.0)
      sexp_processor (~> 4.4)
    method_source (0.8.2)
    minitest (5.1.0)
    multi_json (1.8.2)
    pry (0.9.12.4)
      coderay (~> 1.0)
      method_source (~> 0.8)
      slop (~> 3.4)
    rake (10.1.0)
    rake-notes (0.2.0)
      colored
      rake
    reek (1.3.6)
      ruby2ruby (~> 2.0.7)
      ruby_parser (~> 3.2)
      sexp_processor
    ruby2ruby (2.0.7)
      ruby_parser (~> 3.1)
      sexp_processor (~> 4.0)
    ruby_parser (3.3.0)
      sexp_processor (~> 4.1)
    rubygems-tasks (0.2.4)
    sexp_processor (4.4.1)
    simplecov (0.8.2)
      docile (~> 1.1.0)
      multi_json
      simplecov-html (~> 0.8.0)
    simplecov-html (0.8.0)
    slop (3.4.7)
    yard (0.8.7.3)

PLATFORMS
  ruby

DEPENDENCIES
  Filigree!
  bundler
  flay
  flog
  minitest
  pry
  rake
  rake-notes
  reek
  rubygems-tasks
  simplecov
  yard (>= 0.8.1)
